GIT
  remote: git://github.com/activeadmin/activeadmin.git
  revision: 95127afc924ddac6e1832d59f55f868c973257a7
  specs:
    activeadmin (1.0.0.pre)
      arbre (~> 1.0, >= 1.0.2)
      bourbon
      coffee-rails
      formtastic (~> 3.1)
      formtastic_i18n
      inherited_resources (~> 1.6)
      jquery-rails
      jquery-ui-rails (~> 5.0)
      kaminari (~> 0.15)
      rails (>= 3.2, < 5.0)
      ransack (~> 1.3)
      sass-rails

GIT
  remote: git://github.com/activerecord-hackery/ransack.git
  revision: 76b4e38259283f34c44d0ee3d4a21a867da28ead
  specs:
    ransack (1.6.3)
      actionpack (>= 3.0)
      activerecord (>= 3.0)
      activesupport (>= 3.0)
      i18n
      polyamorous (~> 1.1)

GIT
  remote: git@github.com:pentiumx/daemon-spawn.git
  revision: 6c5f50992eeb67080c5401cac2e96e3bc5ab03b7
  specs:
    daemon-spawn (0.4.2)

GIT
  remote: git@github.com:pentiumx/futaba.git
  revision: 1033fe33ce302f5467bea181adc6d15a5f3c34e4
  specs:
    futaba (0.0.1)
      nokogiri

GIT
  remote: git@github.com:pentiumx/obscenity.git
  revision: 70c38ce47cea55892f1e51ea6e80e66f7c3569b2
  specs:
    obscenity (1.0.2)

GIT
  remote: git@github.com:pentiumx/social-buttons.git
  revision: f64d0401fbd0029d634457510b746c0e78fee13f
  specs:
    social-buttons (0.3.9)
      rails (>= 3.0.0)

GIT
  remote: https://github.com/rails/coffee-rails.git
  revision: c05fb725613d96ce969c30a11e7b613e90f9e5e8
  specs:
    coffee-rails (4.1.0)
      coffee-script (>= 2.2.0)
      railties (>= 4.0.0, < 5.0)

GIT
  remote: https://github.com/rails/sass-rails.git
  revision: 4ec13b1e10c86695b4a094ff9c5049c28567c7d2
  specs:
    sass-rails (5.0.1)
      railties (>= 4.0.0, < 5.0)
      sass (~> 3.1)
      sprockets (>= 2.8, < 4.0)
      sprockets-rails (>= 2.0, < 4.0)
      tilt (~> 1.1)

GIT
  remote: https://github.com/tumblr/tumblr_client.git
  revision: 84df2af30f598726f97947617d15a73fe750f99f
  specs:
    tumblr_client (0.8.5)
      faraday (~> 0.9.0)
      faraday_middleware (~> 0.9.0)
      json
      mime-types
      oauth
      simple_oauth

GEM
  remote: https://rubygems.org/
  specs:
    act-fluent-logger-rails (0.1.5)
      fluent-logger
      rails (>= 3.2.0, < 5.0)
    actionmailer (4.0.2)
      actionpack (= 4.0.2)
      mail (~> 2.5.4)
    actionpack (4.0.2)
      activesupport (= 4.0.2)
      builder (~> 3.1.0)
      erubis (~> 2.7.0)
      rack (~> 1.5.2)
      rack-test (~> 0.6.2)
    activemodel (4.0.2)
      activesupport (= 4.0.2)
      builder (~> 3.1.0)
    activerecord (4.0.2)
      activemodel (= 4.0.2)
      activerecord-deprecated_finders (~> 1.0.2)
      activesupport (= 4.0.2)
      arel (~> 4.0.0)
    activerecord-deprecated_finders (1.0.3)
    activesupport (4.0.2)
      i18n (~> 0.6, >= 0.6.4)
      minitest (~> 4.2)
      multi_json (~> 1.3)
      thread_safe (~> 0.1)
      tzinfo (~> 0.3.37)
    addressable (2.3.6)
    arbre (1.0.3)
      activesupport (>= 3.0.0)
    arel (4.0.2)
    ast (2.0.0)
    astrolabe (1.3.0)
      parser (>= 2.2.0.pre.3, < 3.0)
    autoprefixer-rails (5.0.0.3)
      execjs
      json
    bcrypt (3.1.9)
    better_errors (2.1.1)
      coderay (>= 1.0.0)
      erubis (>= 2.6.6)
      rack (>= 0.9.0)
    binding_of_caller (0.7.2)
      debug_inspector (>= 0.0.1)
    bootstrap-datepicker-rails (1.3.1.1)
      railties (>= 3.0)
    bootstrap-navbar (2.2.2)
      gem_config (~> 0.3)
    bootstrap-sass (3.2.0.2)
      sass (~> 3.2)
    bootstrap_form (2.2.0)
    bourbon (4.1.1)
      sass (~> 3.3)
      thor
    builder (3.1.4)
    capistrano (3.1.0)
      i18n
      rake (>= 10.0.0)
      sshkit (~> 1.3)
    capistrano-bundler (1.1.4)
      capistrano (~> 3.1)
      sshkit (~> 1.2)
    capistrano-ext (1.2.1)
      capistrano (>= 1.0.0)
    capistrano-puma (0.2.3)
      capistrano (>= 3.0)
    capistrano-rails (1.1.2)
      capistrano (~> 3.1)
      capistrano-bundler (~> 1.1)
    capistrano-rbenv (2.0.2)
      capistrano (~> 3.1)
      sshkit (~> 1.3)
    capistrano3-puma (0.8.3)
      capistrano (~> 3.0)
      puma (>= 2.6)
    capybara (2.4.4)
      mime-types (>= 1.16)
      nokogiri (>= 1.3.3)
      rack (>= 1.0.0)
      rack-test (>= 0.5.4)
      xpath (~> 2.0)
    capybara-webkit (1.4.0)
      capybara (>= 2.3.0, < 2.5.0)
      json
    celluloid (0.16.0)
      timers (~> 4.0.0)
    childprocess (0.5.5)
      ffi (~> 1.0, >= 1.0.11)
    choice (0.1.7)
    chronic (0.10.2)
    climate_control (0.0.3)
      activesupport (>= 3.0)
    cocaine (0.5.5)
      climate_control (>= 0.0.3, < 1.0)
    coderay (1.1.0)
    coffee-script (2.3.0)
      coffee-script-source
      execjs
    coffee-script-source (1.8.0)
    colorize (0.7.5)
    cool.io (1.3.0)
    crack (0.4.2)
      safe_yaml (~> 1.0.0)
    database_cleaner (1.4.0)
    debug_inspector (0.0.2)
    devise (3.4.1)
      bcrypt (~> 3.0)
      orm_adapter (~> 0.1)
      railties (>= 3.2.6, < 5)
      responders
      thread_safe (~> 0.1)
      warden (~> 1.2.3)
    diff-lcs (1.2.5)
    diffy (3.0.7)
    docile (1.1.5)
    domain_name (0.5.23)
      unf (>= 0.0.5, < 1.0.0)
    engtagger (0.2.0)
    erubis (2.7.0)
    exception_notification (4.0.1)
      actionmailer (>= 3.0.4)
      activesupport (>= 3.0.4)
    execjs (2.2.2)
    factory_girl (4.5.0)
      activesupport (>= 3.0.0)
    factory_girl_rails (4.5.0)
      factory_girl (~> 4.5.0)
      railties (>= 3.0.0)
    fakeweb (1.3.0)
    faraday (0.9.1)
      multipart-post (>= 1.2, < 3)
    faraday_middleware (0.9.1)
      faraday (>= 0.7.4, < 0.10)
    fastimage (1.6.6)
      addressable (~> 2.3, >= 2.3.5)
    ffi (1.9.6)
    fluent-logger (0.4.10)
      msgpack (>= 0.4.4, < 0.6.0, != 0.5.3, != 0.5.2, != 0.5.1, != 0.5.0)
      yajl-ruby (~> 1.0)
    fluent-plugin-parser (0.4.0)
      fluentd (>= 0.10.54)
    fluentd (0.10.55)
      cool.io (>= 1.1.1, < 2.0.0, != 1.2.0)
      http_parser.rb (>= 0.5.1, < 0.7.0)
      json (>= 1.4.3)
      msgpack (>= 0.4.4, < 0.6.0, != 0.5.3, != 0.5.2, != 0.5.1, != 0.5.0)
      sigdump (~> 0.2.2)
      yajl-ruby (~> 1.0)
    font-awesome-rails (4.3.0.0)
      railties (>= 3.2, < 5.0)
    formatador (0.2.5)
    formtastic (3.1.3)
      actionpack (>= 3.2.13)
    formtastic_i18n (0.1.1)
    fuubar (2.0.0)
      rspec (~> 3.0)
      ruby-progressbar (~> 1.4)
    gem_config (0.3.1)
    google-analytics-rails (0.0.6)
    guard (2.11.1)
      formatador (>= 0.2.4)
      listen (~> 2.7)
      lumberjack (~> 1.0)
      nenv (~> 0.1)
      notiffany (~> 0.0)
      pry (>= 0.9.12)
      shellany (~> 0.0)
      thor (>= 0.18.1)
    guard-rspec (4.2.0)
      guard (>= 2.1.1)
      rspec (>= 2.14, < 4.0)
    guard-teaspoon (0.8.0)
      guard (~> 2.2)
      teaspoon (>= 0.8.0)
    has_scope (0.6.0.rc)
      actionpack (>= 3.2, < 5)
      activesupport (>= 3.2, < 5)
    hashie (3.3.2)
    high_voltage (2.1.0)
    hike (1.2.3)
    hitimes (1.2.2)
    http-cookie (1.0.2)
      domain_name (~> 0.5)
    http_parser.rb (0.6.0)
    httpclient (2.6.0.1)
    i18n (0.7.0)
    impressionist (1.5.1)
      httpclient (~> 2.2)
      nokogiri (~> 1.5)
    inherited_resources (1.6.0)
      actionpack (>= 3.2, < 5)
      has_scope (~> 0.6.0.rc)
      railties (>= 3.2, < 5)
      responders
    jasmine (2.1.0)
      jasmine-core (~> 2.1.0)
      phantomjs
      rack (>= 1.2.1)
      rake
    jasmine-core (2.1.3)
    jasmine-jquery-rails (2.0.3)
    jbuilder (1.5.3)
      activesupport (>= 3.0.0)
      multi_json (>= 1.2.0)
    jquery-fileupload-rails (0.4.3)
      actionpack (>= 3.1)
      railties (>= 3.1)
      sass (>= 3.2)
    jquery-rails (3.1.2)
      railties (>= 3.0, < 5.0)
      thor (>= 0.14, < 2.0)
    jquery-ui-rails (5.0.3)
      railties (>= 3.2.16)
    json (1.8.2)
    jwt (1.2.1)
    kaminari (0.16.2)
      actionpack (>= 3.0.0)
      activesupport (>= 3.0.0)
    launchy (2.4.3)
      addressable (~> 2.3)
    letter_opener (1.3.0)
      launchy (~> 2.2)
    libv8 (3.11.8.17)
    listen (2.8.5)
      celluloid (>= 0.15.2)
      rb-fsevent (>= 0.9.3)
      rb-inotify (>= 0.9)
    lograge (0.3.1)
      actionpack (>= 3)
      activesupport (>= 3)
      railties (>= 3)
    lumberjack (1.0.9)
    mail (2.5.4)
      mime-types (~> 1.16)
      treetop (~> 1.4.8)
    mechanize (2.7.2)
      domain_name (~> 0.5, >= 0.5.1)
      http-cookie (~> 1.0.0)
      mime-types (~> 1.17, >= 1.17.2)
      net-http-digest_auth (~> 1.1, >= 1.1.1)
      net-http-persistent (~> 2.5, >= 2.5.2)
      nokogiri (~> 1.4)
      ntlm-http (~> 0.1, >= 0.1.1)
      webrobots (>= 0.0.9, < 0.2)
    method_source (0.8.2)
    mime-types (1.25.1)
    mini_portile (0.6.2)
    minitest (4.7.5)
    mono_logger (1.1.0)
    msgpack (0.5.10)
    multi_json (1.10.1)
    multi_xml (0.5.5)
    multipart-post (2.0.0)
    mysql2 (0.3.17)
    natto (1.0.0)
      ffi (>= 1.9.0)
    nenv (0.2.0)
    net-http-digest_auth (1.4)
    net-http-persistent (2.9.4)
    net-scp (1.2.1)
      net-ssh (>= 2.6.5)
    net-ssh (2.9.2)
    netrc (0.10.3)
    nokogiri (1.6.6.2)
      mini_portile (~> 0.6.0)
    notiffany (0.0.3)
      nenv (~> 0.1)
      shellany (~> 0.0)
    ntlm-http (0.1.1)
    oauth (0.4.7)
    oauth2 (1.0.0)
      faraday (>= 0.8, < 0.10)
      jwt (~> 1.0)
      multi_json (~> 1.3)
      multi_xml (~> 0.5)
      rack (~> 1.2)
    omniauth (1.2.2)
      hashie (>= 1.2, < 4)
      rack (~> 1.0)
    omniauth-facebook (2.0.0)
      omniauth-oauth2 (~> 1.2)
    omniauth-oauth (1.0.1)
      oauth
      omniauth (~> 1.0)
    omniauth-oauth2 (1.2.0)
      faraday (>= 0.8, < 0.10)
      multi_json (~> 1.3)
      oauth2 (~> 1.0)
      omniauth (~> 1.2)
    omniauth-pinterest (1.0.0)
      omniauth (~> 1.0)
      omniauth-oauth2 (~> 1.0)
    omniauth-tumblr (1.1)
      omniauth-oauth (~> 1.0)
    omniauth-twitter (1.1.0)
      multi_json (~> 1.3)
      omniauth-oauth (~> 1.0)
    orm_adapter (0.5.0)
    paperclip (3.5.4)
      activemodel (>= 3.0.0)
      activesupport (>= 3.0.0)
      cocaine (~> 0.5.3)
      mime-types
    parser (2.2.0.2)
      ast (>= 1.1, < 3.0)
    phantomjs (1.9.8.0)
    pidfile (0.3.0)
    polyamorous (1.1.0)
      activerecord (>= 3.0)
    polyglot (0.3.5)
    pry (0.10.1)
      coderay (~> 1.1.0)
      method_source (~> 0.8.1)
      slop (~> 3.4)
    puma (2.11.0)
      rack (>= 1.1, < 2.0)
    quiet_assets (1.1.0)
      railties (>= 3.1, < 5.0)
    rack (1.5.2)
    rack-accept (0.4.5)
      rack (>= 0.4)
    rack-mini-profiler (0.9.2)
      rack (>= 1.1.3)
    rack-protection (1.5.3)
      rack
    rack-test (0.6.3)
      rack (>= 1.0)
    rails (4.0.2)
      actionmailer (= 4.0.2)
      actionpack (= 4.0.2)
      activerecord (= 4.0.2)
      activesupport (= 4.0.2)
      bundler (>= 1.3.0, < 2.0)
      railties (= 4.0.2)
      sprockets-rails (~> 2.0.0)
    rails-bootstrap-helpers (0.1.0)
      rails (>= 3.2.11)
    rails-erd (1.1.0)
      activerecord (>= 3.0)
      activesupport (>= 3.0)
      choice (~> 0.1.6)
      ruby-graphviz (~> 1.0.4)
    rails_bootstrap_navbar (2.0.1)
      bootstrap-navbar (~> 2.0)
      rails (>= 3.0.0)
    railties (4.0.2)
      actionpack (= 4.0.2)
      activesupport (= 4.0.2)
      rake (>= 0.8.7)
      thor (>= 0.18.1, < 2.0)
    rainbow (2.0.0)
    rake (10.4.2)
    rake_shared_context (0.2.1)
    rb-fsevent (0.9.4)
    rb-inotify (0.9.5)
      ffi (>= 0.5.0)
    rb-readline (0.5.2)
    rdoc (4.2.0)
      json (~> 1.4)
    redis (3.2.0)
    redis-namespace (1.5.1)
      redis (~> 3.0, >= 3.0.4)
    ref (1.0.5)
    remotipart (1.2.1)
    responders (1.1.2)
      railties (>= 3.2, < 4.2)
    resque (1.25.2)
      mono_logger (~> 1.0)
      multi_json (~> 1.0)
      redis-namespace (~> 1.3)
      sinatra (>= 0.9.2)
      vegas (~> 0.1.2)
    resque-logger (0.2.0)
      resque
    resque-web (0.0.6)
      coffee-rails
      jquery-rails
      resque
      sass-rails
      twitter-bootstrap-rails
    rest-client (1.8.0)
      http-cookie (>= 1.0.2, < 2.0)
      mime-types (>= 1.16, < 3.0)
      netrc (~> 0.7)
    rmagick (2.13.4)
    rspec (3.0.0)
      rspec-core (~> 3.0.0)
      rspec-expectations (~> 3.0.0)
      rspec-mocks (~> 3.0.0)
    rspec-activemodel-mocks (1.0.1)
      activemodel (>= 3.0)
      activesupport (>= 3.0)
      rspec-mocks (>= 2.99, < 4.0)
    rspec-core (3.0.4)
      rspec-support (~> 3.0.0)
    rspec-expectations (3.0.4)
      diff-lcs (>= 1.2.0, < 2.0)
      rspec-support (~> 3.0.0)
    rspec-mocks (3.0.4)
      rspec-support (~> 3.0.0)
    rspec-rails (3.0.2)
      actionpack (>= 3.0)
      activesupport (>= 3.0)
      railties (>= 3.0)
      rspec-core (~> 3.0.0)
      rspec-expectations (~> 3.0.0)
      rspec-mocks (~> 3.0.0)
      rspec-support (~> 3.0.0)
    rspec-support (3.0.4)
    ruby-graphviz (1.0.9)
    ruby-progressbar (1.7.1)
    rubyzip (1.1.6)
    safe_yaml (1.0.4)
    sass (3.4.10)
    sdoc (0.4.1)
      json (~> 1.7, >= 1.7.7)
      rdoc (~> 4.0)
    selenium-webdriver (2.44.0)
      childprocess (~> 0.5)
      multi_json (~> 1.0)
      rubyzip (~> 1.0)
      websocket (~> 1.0)
    shareable (1.1.4)
      actionpack (>= 3.0.0)
      activesupport (>= 3.0.0)
    shellany (0.0.1)
    sigdump (0.2.2)
    simple_oauth (0.3.1)
    simplecov (0.9.1)
      docile (~> 1.1.0)
      multi_json (~> 1.0)
      simplecov-html (~> 0.8.0)
    simplecov-html (0.8.0)
    simplecov-rcov (0.2.3)
      simplecov (>= 0.4.1)
    sinatra (1.4.5)
      rack (~> 1.4)
      rack-protection (~> 1.4)
      tilt (~> 1.3, >= 1.3.4)
    slop (3.6.0)
    spring (1.2.0)
    spring-commands-rspec (1.0.4)
      spring (>= 0.9.1)
    sprockets (2.12.3)
      hike (~> 1.2)
      multi_json (~> 1.0)
      rack (~> 1.0)
      tilt (~> 1.1, != 1.3.0)
    sprockets-rails (2.0.1)
      actionpack (>= 3.0)
      activesupport (>= 3.0)
      sprockets (~> 2.8)
    sshkit (1.6.1)
      colorize (>= 0.7.0)
      net-scp (>= 1.1.2)
      net-ssh (>= 2.8.0)
    teaspoon (0.8.0)
      railties (>= 3.2.5, < 5)
    therubyracer (0.11.4)
      libv8 (~> 3.11.8.12)
      ref
    thor (0.19.1)
    thread_safe (0.3.4)
    tilt (1.4.1)
    timers (4.0.1)
      hitimes
    tinami (0.4.3)
      activesupport
      hashie
      i18n
      rest-client
    transpec (3.0.7)
      activesupport (>= 3.0, < 5.0)
      astrolabe (~> 1.2)
      bundler (~> 1.3)
      json (~> 1.8)
      parser (~> 2.2)
      rainbow (>= 1.99.1, < 3.0)
    treetop (1.4.15)
      polyglot
      polyglot (>= 0.3.1)
    turbolinks (2.5.3)
      coffee-rails
    turnout (2.1.0)
      rack (~> 1.3)
      rack-accept (~> 0.4)
    twitter-bootstrap-rails (2.2.8)
      actionpack (>= 3.1)
      execjs
      rails (>= 3.1)
      railties (>= 3.1)
    tzinfo (0.3.42)
    uglifier (2.7.0)
      execjs (>= 0.3.0)
      json (>= 1.8.0)
    unf (0.1.4)
      unf_ext
    unf_ext (0.0.6)
    vegas (0.1.11)
      rack (>= 1.0.0)
    warden (1.2.3)
      rack (>= 1.0)
    webmock (1.20.4)
      addressable (>= 2.3.6)
      crack (>= 0.3.2)
    webrobots (0.1.1)
    websocket (1.2.1)
    whenever (0.9.4)
      chronic (>= 0.6.3)
    x2ch (0.9.4)
    xpath (2.0.0)
      nokogiri (~> 1.3)
    yajl-ruby (1.2.1)

PLATFORMS
  ruby

DEPENDENCIES
  act-fluent-logger-rails
  activeadmin!
  autoprefixer-rails
  better_errors
  binding_of_caller
  bootstrap-datepicker-rails
  bootstrap-sass (~> 3.2.0)
  bootstrap_form
  capistrano (~> 3.1.0)
  capistrano-bundler (~> 1.1.2)
  capistrano-ext
  capistrano-puma
  capistrano-rails
  capistrano-rbenv (~> 2.0)
  capistrano3-puma
  capybara
  capybara-webkit
  coffee-rails!
  daemon-spawn!
  database_cleaner
  devise
  diffy
  engtagger
  exception_notification
  factory_girl_rails
  fakeweb (~> 1.3)
  fastimage
  fluent-plugin-parser
  font-awesome-rails
  futaba!
  fuubar
  google-analytics-rails
  guard
  guard-rspec (= 4.2.0)
  guard-teaspoon
  high_voltage (~> 2.1.0)
  impressionist
  jasmine
  jasmine-jquery-rails
  jbuilder (~> 1.2)
  jquery-fileupload-rails
  jquery-rails
  jquery-ui-rails
  kaminari
  launchy
  letter_opener
  libv8 (~> 3.11.8.13)
  lograge
  mechanize
  mysql2
  natto
  nokogiri
  obscenity!
  omniauth
  omniauth-facebook
  omniauth-pinterest
  omniauth-tumblr
  omniauth-twitter
  paperclip (~> 3.0)
  phantomjs (>= 1.8.1.1)
  pidfile
  puma
  quiet_assets
  rack-mini-profiler
  rails (= 4.0.2)
  rails-bootstrap-helpers
  rails-erd
  rails_bootstrap_navbar
  rake_shared_context
  ransack!
  rb-readline
  remotipart (~> 1.2)
  resque
  resque-logger
  resque-web
  rmagick
  rspec-activemodel-mocks
  rspec-rails (~> 3.0.0.beta1)
  rubyzip
  sass-rails!
  sdoc
  selenium-webdriver
  shareable
  simplecov
  simplecov-rcov
  social-buttons!
  spring
  spring-commands-rspec
  teaspoon
  therubyracer
  tinami
  transpec
  tumblr_client!
  turbolinks
  turnout
  uglifier (>= 1.3.0)
  webmock
  whenever
  x2ch
